PATH
  remote: .
  specs:
    unitf-tag (0.1.7)
      taglib-ruby
      unitf-logging

GEM
  remote: https://rubygems.org/
  specs:
    diff-lcs (1.4.4)
    rake (13.0.6)
    rspec (3.10.0)
      rspec-core (~> 3.10.0)
      rspec-expectations (~> 3.10.0)
      rspec-mocks (~> 3.10.0)
    rspec-core (3.10.1)
      rspec-support (~> 3.10.0)
    rspec-expectations (3.10.1)
      diff-lcs (>= 1.2.0, < 2.0)
      rspec-support (~> 3.10.0)
    rspec-mocks (3.10.2)
      diff-lcs (>= 1.2.0, < 2.0)
      rspec-support (~> 3.10.0)
    rspec-support (3.10.2)
    taglib-ruby (1.1.0)
    unitf-logging (0.1.2)

PLATFORMS
  x86_64-darwin-21

DEPENDENCIES
  rake (~> 13.0)
  rspec (~> 3.0)
  unitf-tag!

BUNDLED WITH
   2.2.32
